GEM
  remote: https://rubygems.org/
  specs:
    activesupport (5.1.1)
      concurrent-ruby (~> 1.0, >= 1.0.2)
      i18n (~> 0.7)
      minitest (~> 5.1)
      tzinfo (~> 1.1)
    autodiscover (1.0.2)
      httpclient
      logging
      nokogiri
      nori
    concurrent-ruby (1.0.5)
    curb (0.9.3)
    dotenv (2.2.1)
    exchange-offline-address-book (0.0.16)
      autodiscover (~> 1)
      curb (~> 0.9)
      libmspack (~> 0.1)
      nokogiri (~> 1.8)
    ffi (1.9.18)
    ffi-compiler2 (2.0.0)
      ffi (>= 1.0.0)
      rake
    httparty (0.15.5)
      multi_xml (>= 0.5.2)
    httpclient (2.8.3)
    hubspot-ruby (0.2.1)
      activesupport (>= 3.0.0)
      httparty (>= 0.10.0)
    i18n (0.8.4)
    libmspack (0.1.0)
      ffi
      ffi-compiler2 (>= 2.0.0)
    little-plugger (1.1.4)
    logging (2.2.2)
      little-plugger (~> 1.1)
      multi_json (~> 1.10)
    mini_portile2 (2.2.0)
    minitest (5.10.2)
    multi_json (1.12.1)
    multi_xml (0.6.0)
    nokogiri (1.8.0)
      mini_portile2 (~> 2.2.0)
    nori (2.6.0)
    phony (2.15.44)
    rake (12.0.0)
    thread_safe (0.3.6)
    tzinfo (1.2.3)
      thread_safe (~> 0.1)

PLATFORMS
  ruby

DEPENDENCIES
  dotenv
  exchange-offline-address-book
  hubspot-ruby
  phony

BUNDLED WITH
   1.15.1
